GEM
  remote: https://rubygems.org/
  specs:
    artii (2.1.2)
    colorize (0.8.1)
    ruby-blackjack (1.0.2)

PLATFORMS
  ruby

DEPENDENCIES
  artii (~> 2.1)
  colorize (~> 0.8.1)
  ruby-blackjack (~> 1.0)

BUNDLED WITH
   2.0.2
